GEM
  remote: https://rubygems.org/
  specs:
    minitest (5.6.1)
    stringex (2.5.2)
    thread_safe (0.3.6)
    tzinfo (1.2.4)
      thread_safe (~> 0.1)

PLATFORMS
  ruby

DEPENDENCIES
  minitest (~> 5.6.0)
  stringex (~> 2.5.2)
  tzinfo (~> 1.2.4)

BUNDLED WITH
   1.16.0
